GIT
  remote: git@github.com:billcap/rib-deploy.git
  revision: a112b6074e872aae4c8bdbe5e6cca3fdf715b91c
  specs:
    rib-deploy (0.1.0)
      aws-sdk (~> 2.6)
      eb_deployer (~> 0.6.6)
      rake (>= 0.8.7)

GEM
  remote: https://rubygems.org/
  specs:
    awesome_print (1.7.0)
    aws-sdk (2.6.44)
      aws-sdk-resources (= 2.6.44)
    aws-sdk-core (2.6.44)
      aws-sigv4 (~> 1.0)
      jmespath (~> 1.0)
    aws-sdk-resources (2.6.44)
      aws-sdk-core (= 2.6.44)
    aws-sigv4 (1.0.0)
    diff-lcs (1.2.5)
    docile (1.1.5)
    eb_deployer (0.6.6)
      aws-sdk (~> 2, >= 2.0.0)
    jmespath (1.3.1)
    json (2.0.2)
    rake (12.0.0)
    require_all (1.4.0)
    rspec (3.5.0)
      rspec-core (~> 3.5.0)
      rspec-expectations (~> 3.5.0)
      rspec-mocks (~> 3.5.0)
    rspec-core (3.5.4)
      rspec-support (~> 3.5.0)
    rspec-expectations (3.5.0)
      diff-lcs (>= 1.2.0, < 2.0)
      rspec-support (~> 3.5.0)
    rspec-mocks (3.5.0)
      diff-lcs (>= 1.2.0, < 2.0)
      rspec-support (~> 3.5.0)
    rspec-support (3.5.0)
    simplecov (0.12.0)
      docile (~> 1.1.0)
      json (>= 1.8, < 3)
      simplecov-html (~> 0.10.0)
    simplecov-html (0.10.0)

PLATFORMS
  ruby

DEPENDENCIES
  awesome_print
  require_all
  rib-deploy!
  rspec
  simplecov

BUNDLED WITH
   1.13.7
